GEM
  remote: https://rubygems.org/
  specs:
    genders (0.1.0)

PLATFORMS
  ruby

DEPENDENCIES
  genders
